GEM
  remote: https://rubygems.org/
  specs:
    activemodel (4.2.11.3)
      activesupport (= 4.2.11.3)
      builder (~> 3.1)
    activesupport (4.2.11.3)
      i18n (~> 0.7)
      minitest (~> 5.1)
      thread_safe (~> 0.3, >= 0.3.4)
      tzinfo (~> 1.1)
    builder (3.3.0)
    concurrent-ruby (1.3.4)
    i18n (0.9.5)
      concurrent-ruby (~> 1.0)
    minitest (5.25.1)
    thread_safe (0.3.6)
    tzinfo (1.2.11)
      thread_safe (~> 0.1)

PLATFORMS
  arm64-darwin-22
  ruby

DEPENDENCIES
  activemodel (~> 4.2)

RUBY VERSION
   ruby 3.3.0p0

BUNDLED WITH
   2.5.3
